GEM
  remote: https://rubygems.org/
  specs:
    activesupport (7.1.3.2)
      base64
      bigdecimal
      concurrent-ruby (~> 1.0, >= 1.0.2)
      connection_pool (>= 2.2.5)
      drb
      i18n (>= 1.6, < 2)
      minitest (>= 5.1)
      mutex_m
      tzinfo (~> 2.0)
    base64 (0.2.0)
    bigdecimal (3.1.6)
    concurrent-ruby (1.2.3)
    connection_pool (2.4.1)
    date (3.3.4)
    drb (2.2.0)
      ruby2_keywords
    i18n (1.14.1)
      concurrent-ruby (~> 1.0)
    minitest (5.22.2)
    mutex_m (0.2.0)
    open-uri (0.4.1)
      stringio
      time
      uri
    rexml (3.2.6)
    rss (0.3.0)
      rexml
    ruby2_keywords (0.0.5)
    stringio (3.1.0)
    textmood (0.1.3)
    time (0.3.0)
      date
    tzinfo (2.0.6)
      concurrent-ruby (~> 1.0)
    uri (0.13.0)
    x (0.14.1)

PLATFORMS
  arm64-darwin-23
  ruby

DEPENDENCIES
  activesupport
  open-uri
  rss
  textmood
  x

BUNDLED WITH
   2.5.3
